NUGET
  remote: https://www.nuget.org/api/v2
    FSharp.Core (7.0.200)
